GEM
  remote: http://rubygems.org/
  specs:
    test-construct (1.2.0)

PLATFORMS
  ruby

DEPENDENCIES
  test-construct
