PATH
  remote: .
  specs:
    spartan (0.0.1)
      rcodetools (~> 0.8)

GEM
  remote: http://rubygems.org/
  specs:
    archive-tar-minitar (0.5.2)
    columnize (0.3.4)
    linecache19 (0.5.12)
      ruby_core_source (>= 0.1.4)
    rcodetools (0.8.5.0)
    ruby-debug-base19 (0.11.25)
      columnize (>= 0.3.1)
      linecache19 (>= 0.5.11)
      ruby_core_source (>= 0.1.4)
    ruby-debug19 (0.11.6)
      columnize (>= 0.3.1)
      linecache19 (>= 0.5.11)
      ruby-debug-base19 (>= 0.11.19)
    ruby_core_source (0.1.5)
      archive-tar-minitar (>= 0.5.2)
    test-construct (1.2.0)

PLATFORMS
  ruby

DEPENDENCIES
  ruby-debug19
  spartan!
  test-construct (~> 1.2)
